GEM
  remote: https://rubygems.org/
  specs:
    diff-lcs (1.2.5)
    minitest (4.3.2)
    rake (0.9.6)
    rspec (3.0.0.beta2)
      rspec-core (= 3.0.0.beta2)
      rspec-expectations (= 3.0.0.beta2)
      rspec-mocks (= 3.0.0.beta2)
    rspec-core (3.0.0.beta2)
      rspec-support (= 3.0.0.beta2)
    rspec-expectations (3.0.0.beta2)
      diff-lcs (>= 1.2.0, < 2.0)
      rspec-support (= 3.0.0.beta2)
    rspec-mocks (3.0.0.beta2)
      rspec-support (= 3.0.0.beta2)
    rspec-support (3.0.0.beta2)
    sorcerer (1.0.2)

PLATFORMS
  java
  ruby

DEPENDENCIES
  minitest (>= 4.3)
  rake
  rspec (>= 2.12)
  sorcerer (>= 0.3.7)
